GEM
  remote: https://rubygems.org/
  specs:
    backports (3.15.0)
    basiccache (1.0.0)
    byebug (11.1.3)
    coderay (1.1.3)
    curb (0.9.10)
    githubchart (3.1.0)
      githubstats (~> 2.0.0)
      svgplot (~> 1.0.0)
    githubstats (2.0.0)
      basiccache (~> 1.0.0)
      curb (~> 0.9.0)
      nokogiri (~> 1.8.0)
    method_source (1.0.0)
    mini_magick (4.9.5)
    mini_portile2 (2.3.0)
    multi_json (1.13.1)
    mustermann (1.0.3)
    nio4r (2.5.7)
    nokogiri (1.8.5)
      mini_portile2 (~> 2.3.0)
    ox (2.11.0)
    pry (0.13.1)
      coderay (~> 1.1)
      method_source (~> 1.0)
    pry-byebug (3.9.0)
      byebug (~> 11.0)
      pry (~> 0.13.0)
    puma (5.3.1)
      nio4r (~> 2.0)
    rack (2.2.3)
    rack-protection (2.0.7)
      rack
    sinatra (2.0.7)
      mustermann (~> 1.0)
      rack (~> 2.0)
      rack-protection (= 2.0.7)
      tilt (~> 2.0)
    sinatra-contrib (2.0.7)
      backports (>= 2.8.2)
      multi_json
      mustermann (~> 1.0)
      rack-protection (= 2.0.7)
      sinatra (= 2.0.7)
      tilt (~> 2.0)
    svgplot (1.0.0)
    tilt (2.0.10)

PLATFORMS
  ruby

DEPENDENCIES
  githubchart
  mini_magick
  ox
  pry-byebug
  puma
  sinatra
  sinatra-contrib

BUNDLED WITH
   1.17.3
